GEM
  remote: https://rubygems.org/
  specs:
    artoo (1.6.6)
      celluloid (~> 0.15.0)
      celluloid-io (~> 0.15.0)
      http (~> 0.5.0)
      multi_json (~> 1.6.0)
      pry (~> 0.9.0)
      rake
      reel (~> 0.4.0)
      robeaux (~> 0.0.4)
      thor (~> 0.18.1)
    artoo-arduino (1.4.4)
      artoo (>= 1.6.0)
      artoo-gpio (>= 0.4.1)
      artoo-i2c (>= 0.5.0)
      hybridgroup-firmata (>= 0.4.6)
    artoo-gpio (0.4.1)
      artoo (>= 1.6.0)
    artoo-i2c (0.5.0)
      artoo (>= 1.6.0)
    celluloid (0.15.2)
      timers (~> 1.1.0)
    celluloid-io (0.15.0)
      celluloid (>= 0.15.0)
      nio4r (>= 0.5.0)
    coderay (1.1.0)
    event_emitter (0.2.5)
    ffi (1.9.8)
    http (0.5.1)
      http_parser.rb
    http_parser.rb (0.6.0)
    hybridgroup-firmata (0.4.6)
      event_emitter (~> 0.2.5)
      rubyserial (~> 0.1.1)
    method_source (0.8.2)
    multi_json (1.6.1)
    nio4r (1.1.0)
    pry (0.9.12.6)
      coderay (~> 1.0)
      method_source (~> 0.8)
      slop (~> 3.4)
    rake (10.4.2)
    reel (0.4.0)
      celluloid (>= 0.15.1)
      celluloid-io (>= 0.15.0)
      http (>= 0.5.0)
      http_parser.rb (>= 0.6.0.beta.2)
      websocket_parser (>= 0.1.4)
    robeaux (0.0.4)
    rubyserial (0.1.2)
      ffi (~> 1.9.3)
    slop (3.6.0)
    thor (0.18.1)
    timers (1.1.0)
    websocket_parser (1.0.0)

PLATFORMS
  ruby

DEPENDENCIES
  artoo-arduino
